PATH
  remote: .
  specs:
    blinky-tape-test-status (1.1.1)
      serialport

GEM
  remote: https://rubygems.org/
  specs:
    serialport (1.3.0)

PLATFORMS
  ruby

DEPENDENCIES
  blinky-tape-test-status!
